PATH
  remote: .
  specs:
    daimyo-pi (0.1.0)

GEM
  remote: https://rubygems.org/
  specs:
    coderay (1.1.3)
    method_source (1.0.0)
    pry (0.13.1)
      coderay (~> 1.1)
      method_source (~> 1.0)
    rake (12.3.3)

PLATFORMS
  ruby

DEPENDENCIES
  daimyo-pi!
  pry
  rake (~> 12.0)

BUNDLED WITH
   2.1.4
